GEM
  remote: https://rubygems.org/
  specs:
    avro (1.8.1)
      multi_json
    avro_turf (0.7.2)
      avro (>= 1.7.7, < 1.9)
      excon (~> 0.45)
    cause (0.1)
    domain_name (0.5.20161129)
      unf (>= 0.0.5, < 1.0.0)
    excon (0.54.0)
    http-cookie (1.0.3)
      domain_name (~> 0.5)
    influxdb (0.3.13)
      cause
      json
    json (2.0.3)
    mime-types (3.1)
      mime-types-data (~> 3.2015)
    mime-types-data (3.2016.0521)
    multi_json (1.12.1)
    netrc (0.11.0)
    rest-client (2.0.0)
      http-cookie (>= 1.0.2, < 2.0)
      mime-types (>= 1.16, < 4.0)
      netrc (~> 0.8)
    ruby-kafka (0.3.16)
    unf (0.1.4)
      unf_ext
    unf_ext (0.0.7.2)

PLATFORMS
  ruby

DEPENDENCIES
  avro_turf
  influxdb
  rest-client
  ruby-kafka

BUNDLED WITH
   1.14.3
